GEM
  remote: https://rubygems.org/
  specs:
    coderay (1.1.0)
    curses (1.0.1)
    drawille (0.3.2)
      curses
    method_source (0.8.2)
    pry (0.10.1)
      coderay (~> 1.1.0)
      method_source (~> 0.8.1)
      slop (~> 3.4)
    slop (3.6.0)

PLATFORMS
  ruby

DEPENDENCIES
  drawille (~> 0.3.2)
  pry (~> 0.10.1)
